GEM
  remote: https://rubygems.org/
  specs:
    curb (0.8.5)
    diff-lcs (1.2.5)
    git (1.2.6)
    handsoap (1.4.0)
    jeweler (1.6.4)
      bundler (~> 1.0)
      git (>= 1.2.5)
      rake
    mini_portile2 (2.4.0)
    nokogiri (1.10.4)
      mini_portile2 (~> 2.4.0)
    rake (10.1.1)
    rspec (2.14.1)
      rspec-core (~> 2.14.0)
      rspec-expectations (~> 2.14.0)
      rspec-mocks (~> 2.14.0)
    rspec-core (2.14.7)
    rspec-expectations (2.14.5)
      diff-lcs (>= 1.1.3, < 2.0)
    rspec-mocks (2.14.5)

PLATFORMS
  ruby

DEPENDENCIES
  bundler (~> 1.5.0)
  curb
  handsoap
  jeweler (~> 1.6.1)
  nokogiri
  rspec (~> 2.14.0)
